GEM
  remote: https://rubygems.org/
  specs:
    activesupport (4.0.2)
      i18n (~> 0.6, >= 0.6.4)
      minitest (~> 4.2)
      multi_json (~> 1.3)
      thread_safe (~> 0.1)
      tzinfo (~> 0.3.37)
    amq-protocol (1.9.0)
    amqp (1.1.7)
      amq-protocol (>= 1.9.0)
      eventmachine
    atomic (1.1.14)
    axiom-types (0.0.5)
      descendants_tracker (~> 0.0.1)
      ice_nine (~> 0.9)
    bindata (1.6.0)
    blather (0.8.7)
      activesupport (>= 2.3.11)
      eventmachine (>= 1.0.0)
      girl_friday
      niceogiri (~> 1.0)
      nokogiri (~> 1.5, >= 1.5.6)
    builder (3.2.2)
    celluloid (0.15.2)
      timers (~> 1.1.0)
    coderay (1.1.0)
    coercible (1.0.0)
      descendants_tracker (~> 0.0.1)
    connection_pool (1.2.0)
    daemons (1.1.9)
    descendants_tracker (0.0.3)
    em-synchrony (1.0.3)
      eventmachine (>= 1.0.0.beta.1)
    equalizer (0.0.8)
    eventmachine (1.0.3)
    fakeredis (0.4.2)
      redis (~> 3.0.0)
    faye-websocket (0.7.1)
      eventmachine (>= 0.12.0)
      websocket-driver (>= 0.3.1)
    girl_friday (0.11.2)
      connection_pool (~> 1.0)
      rubinius-actor
    gli (2.8.1)
    grape (0.6.1)
      activesupport
      builder
      hashie (>= 1.2.0)
      multi_json (>= 1.3.2)
      multi_xml (>= 0.5.2)
      rack (>= 1.3.0)
      rack-accept
      rack-mount
      virtus (>= 1.0.0)
    grape_doc (0.1.0)
      grape (~> 0.2, >= 0.2.1)
      json (~> 1.7, >= 1.7.4)
      trollop (~> 2.0)
    hashie (1.2.0)
    hiredis (0.4.5)
    i18n (0.6.9)
    ice_nine (0.10.0)
    json (1.7.7)
    json-jwt (0.6.0)
      activesupport
      bindata
      multi_json (>= 1.3)
      url_safe_base64
    little-plugger (1.1.3)
    logging (1.7.2)
      little-plugger (>= 1.1.3)
    method_source (0.8.2)
    mini_portile (0.5.2)
    minitest (4.7.5)
    multi_json (1.8.2)
    multi_xml (0.5.5)
    niceogiri (1.1.2)
      nokogiri (~> 1.5)
    nokogiri (1.6.0)
      mini_portile (~> 0.5.0)
    omf_common (6.0.8.pre.2.14.ge5cf762)
      amqp
      blather (= 0.8.7)
      eventmachine (= 1.0.3)
      hashie
      json
      json-jwt
      logging (~> 1.7.1)
      oml4r (~> 2.9.5)
      uuidtools
    omf_ec (6.0.8.pre.2.14.ge5cf762)
      gli
      omf_common (= 6.0.8.pre.2.14.ge5cf762)
      sequel
    oml4r (2.9.10)
    pry (0.9.12.4)
      coderay (~> 1.0)
      method_source (~> 0.8)
      slop (~> 3.4)
    rack (1.5.2)
    rack-accept (0.4.5)
      rack (>= 0.4)
    rack-mount (0.8.3)
      rack (>= 1.0.0)
    rack-protection (1.5.1)
      rack
    rack-stream (0.0.5)
      em-synchrony
      eventmachine
      faye-websocket
      rack
    rack-test (0.6.2)
      rack (>= 1.0)
    redis (3.0.6)
    redis-namespace (1.4.1)
      redis (~> 3.0.4)
    rubinius-actor (0.0.2)
      rubinius-core-api
    rubinius-core-api (0.0.1)
    sequel (4.5.0)
    sidekiq (2.17.0)
      celluloid (>= 0.15.2)
      connection_pool (>= 1.0.0)
      json
      redis (>= 3.0.4)
      redis-namespace (>= 1.3.1)
    sinatra (1.4.4)
      rack (~> 1.4)
      rack-protection (~> 1.4)
      tilt (~> 1.3, >= 1.3.4)
    slop (3.4.7)
    thin (1.6.1)
      daemons (>= 1.0.9)
      eventmachine (>= 1.0.0)
      rack (>= 1.0.0)
    thread_safe (0.1.3)
      atomic
    tilt (1.4.1)
    timers (1.1.0)
    trollop (2.0)
    tzinfo (0.3.38)
    url_safe_base64 (0.2.2)
    uuidtools (2.1.4)
    virtus (1.0.1)
      axiom-types (~> 0.0.5)
      coercible (~> 1.0)
      descendants_tracker (~> 0.0.1)
      equalizer (~> 0.0.7)
    websocket-driver (0.3.1)

PLATFORMS
  ruby

DEPENDENCIES
  eventmachine
  fakeredis
  grape
  grape_doc
  hiredis
  minitest
  omf_ec (= 6.0.8.pre.2.14.ge5cf762)
  pry
  rack-stream
  rack-test
  redis
  sidekiq
  sinatra
  thin
